GEM
  remote: http://rubygems.org/
  specs:
    Ascii85 (1.0.0)
    backports (2.0.2)
    haml (3.0.25)
    haml-more (0.5.1)
      haml (>= 2.2.20)
      monkey-lib (~> 0.5.2)
    json (1.5.1)
    monkey-lib (0.5.4)
      backports
    pdf-reader (0.9.1)
      Ascii85 (>= 0.9)
    rack (1.2.2)
    sinatra (1.2.0)
      rack (~> 1.1)
      tilt (< 2.0, >= 1.2.2)
    sinatra_respond_to (0.3.7)
      sinatra (>= 0.9.4)
    tilt (1.2.2)

PLATFORMS
  ruby

DEPENDENCIES
  haml
  haml-more
  json
  pdf-reader
  sinatra
  sinatra_respond_to
